GEM
  remote: https://rubygems.org/
  specs:
    as-notifications (1.0.1)
    celluloid (0.17.2)
      celluloid-essentials
      celluloid-extras
      celluloid-fsm
      celluloid-pool
      celluloid-supervision
      timers (>= 4.1.1)
    celluloid-essentials (0.20.5)
      timers (>= 4.1.1)
    celluloid-extras (0.20.5)
      timers (>= 4.1.1)
    celluloid-fsm (0.20.5)
      timers (>= 4.1.1)
    celluloid-pool (0.20.5)
      timers (>= 4.1.1)
    celluloid-supervision (0.20.5)
      timers (>= 4.1.1)
    coderay (1.1.0)
    ffi (1.9.10-java)
    hitimes (1.2.3-java)
    i18n (0.7.0)
    method_source (0.8.2)
    multi_json (1.11.2)
    pry (0.10.3-java)
      coderay (~> 1.1.0)
      method_source (~> 0.8.1)
      slop (~> 3.4)
      spoon (~> 0.0)
    puma (2.15.3-java)
    rack (1.6.4)
    slop (3.6.0)
    spoon (0.0.4)
      ffi
    timers (4.1.1)
      hitimes
    webmachine (1.4.0)
      as-notifications (~> 1.0)
      i18n (>= 0.4.0)
      multi_json

PLATFORMS
  java

DEPENDENCIES
  celluloid
  pry
  puma
  rack
  webmachine

BUNDLED WITH
   1.10.6
